GIT
  remote: git://github.com/apotonick/reform.git
  revision: 04c4063a0a87073811ca2170147540570b31dfcf
  specs:
    reform (2.3.0)
      disposable (>= 0.3.0, < 0.5.0)
      representable (>= 3.0.0, < 4.0.0)
      uber (~> 0.0.11)

GEM
  remote: https://rubygems.org/
  specs:
    concurrent-ruby (1.0.2)
    declarative (0.0.8)
      uber (>= 0.0.15)
    disposable (0.4.0)
      declarative (>= 0.0.8, < 1.0.0)
      representable (>= 2.4.0, <= 3.1.0)
      uber
    dotenv (2.1.1)
    dry-configurable (0.1.7)
      concurrent-ruby (~> 1.0)
    dry-container (0.3.4)
      concurrent-ruby (~> 1.0)
      dry-configurable (~> 0.1, >= 0.1.3)
    dry-equalizer (0.2.0)
    dry-logic (0.3.0)
      dry-container (~> 0.2, >= 0.2.6)
      dry-equalizer (~> 0.2)
    dry-monads (0.0.2)
    dry-types (0.8.1)
      concurrent-ruby (~> 1.0)
      dry-configurable (~> 0.1)
      dry-container (~> 0.3)
      dry-equalizer (~> 0.2)
      dry-logic (~> 0.3, >= 0.3.0)
      dry-monads (>= 0.0.1)
      ice_nine (~> 0.11)
      inflecto (~> 0.0.0, >= 0.0.2)
    dry-validation (0.9.3)
      concurrent-ruby (~> 1.0)
      dry-configurable (~> 0.1, >= 0.1.3)
      dry-container (~> 0.2, >= 0.2.8)
      dry-equalizer (~> 0.2)
      dry-logic (~> 0.3, >= 0.3.0)
      dry-types (~> 0.8, >= 0.8.1)
    ice_nine (0.11.2)
    inflecto (0.0.2)
    minitest (5.9.0)
    minitest-hooks (1.4.0)
    pg (0.18.4)
    rack (2.0.1)
    rack-unreloader (1.5.0)
    representable (3.0.0)
      declarative (~> 0.0.5)
      uber (~> 0.0.15)
    roar (1.0.3)
      representable (>= 2.0.1, <= 3.0.0)
    roda (2.16.0)
      rack
    sequel (4.36.0)
    sequel_pg (1.6.17)
      pg (>= 0.8.0)
      sequel (>= 4.0.0)
    trailblazer (1.1.1)
      declarative
      reform (>= 2.0.0, < 3.0.0)
      uber (>= 0.0.15)
    trailblazer-loader (0.0.9)
    uber (0.0.15)

PLATFORMS
  ruby

DEPENDENCIES
  dotenv
  dry-types
  dry-validation
  minitest (>= 5.7.0)
  minitest-hooks (>= 1.1.0)
  rack-unreloader
  reform!
  roar
  roda
  sequel
  sequel_pg
  trailblazer
  trailblazer-loader

RUBY VERSION
   ruby 2.3.1p112

BUNDLED WITH
   1.12.5
